GEM
  remote: http://ruby.taobao.org/
  specs:
    actionmailer (3.2.8)
      actionpack (= 3.2.8)
      mail (~> 2.4.4)
    actionpack (3.2.8)
      activemodel (= 3.2.8)
      activesupport (= 3.2.8)
      builder (~> 3.0.0)
      erubis (~> 2.7.0)
      journey (~> 1.0.4)
      rack (~> 1.4.0)
      rack-cache (~> 1.2)
      rack-test (~> 0.6.1)
      sprockets (~> 2.1.3)
    activemodel (3.2.8)
      activesupport (= 3.2.8)
      builder (~> 3.0.0)
    activerecord (3.2.8)
      activemodel (= 3.2.8)
      activesupport (= 3.2.8)
      arel (~> 3.0.2)
      tzinfo (~> 0.3.29)
    activeresource (3.2.8)
      activemodel (= 3.2.8)
      activesupport (= 3.2.8)
    activesupport (3.2.8)
      i18n (~> 0.6)
      multi_json (~> 1.0)
    addressable (2.3.2)
    arel (3.0.2)
    bson (1.5.2)
    bson_ext (1.5.2)
      bson (= 1.5.2)
    builder (3.0.0)
    carrierwave (0.7.0)
      activemodel (>= 3.2.0)
      activesupport (>= 3.2.0)
    carrierwave-mongoid (0.1.0)
      carrierwave
      mongoid
    childprocess (0.3.6)
      ffi (~> 1.0, >= 1.0.6)
    closure-compiler (1.1.7)
    coffee-rails (3.2.2)
      coffee-script (>= 2.2.0)
      railties (~> 3.2.0)
    coffee-script (2.2.0)
      coffee-script-source
      execjs
    coffee-script-source (1.4.0)
    commonwatir (4.0.0)
    daemons (1.1.9)
    domain_name (0.5.4)
      unf (~> 0.0.3)
    erubis (2.7.0)
    eventmachine (1.0.0-x86-mingw32)
    execjs (1.4.0)
      multi_json (~> 1.0)
    ffi (1.0.9-x86-mingw32)
    foreverb (0.3.2)
      thor (>= 0.15.0)
    geocoder (1.1.4)
    gmaps4rails (1.5.6)
    hike (1.2.1)
    hoe (3.1.0)
      rake (~> 0.8)
    i18n (0.6.1)
    journey (1.0.4)
    json (1.7.5)
    libwebsocket (0.1.5)
      addressable
    mail (2.4.4)
      i18n (>= 0.4.0)
      mime-types (~> 1.16)
      treetop (~> 1.4.8)
    mechanize (2.5.1)
      domain_name (~> 0.5, >= 0.5.1)
      mime-types (~> 1.17, >= 1.17.2)
      net-http-digest_auth (~> 1.1, >= 1.1.1)
      net-http-persistent (~> 2.5, >= 2.5.2)
      nokogiri (~> 1.4)
      ntlm-http (~> 0.1, >= 0.1.1)
      webrobots (~> 0.0, >= 0.0.9)
    mime-types (1.19)
    mini_magick (3.4)
      subexec (~> 0.2.1)
    mongo (1.5.2)
      bson (= 1.5.2)
    mongoid (3.0.9)
      activemodel (~> 3.1)
      moped (~> 1.1)
      origin (~> 1.0)
      tzinfo (~> 0.3.22)
    mongoid_spacial (0.2.16)
      activesupport (~> 3.0)
      mongoid (>= 2.3.0)
    moped (1.2.7)
    multi_json (1.3.6)
    net-http-digest_auth (1.2.1)
    net-http-persistent (2.8)
    nokogiri (1.5.5-x86-mingw32)
    ntlm-http (0.1.1)
    origin (1.0.9)
    polyglot (0.3.3)
    rack (1.4.1)
    rack-cache (1.2)
      rack (>= 0.4)
    rack-ssl (1.3.2)
      rack
    rack-test (0.6.2)
      rack (>= 1.0)
    rails (3.2.8)
      actionmailer (= 3.2.8)
      actionpack (= 3.2.8)
      activerecord (= 3.2.8)
      activeresource (= 3.2.8)
      activesupport (= 3.2.8)
      bundler (~> 1.0)
      railties (= 3.2.8)
    rails_kindeditor (0.3.7)
      carrierwave
      mini_magick
    railties (3.2.8)
      actionpack (= 3.2.8)
      activesupport (= 3.2.8)
      rack-ssl (~> 1.3.2)
      rake (>= 0.8.7)
      rdoc (~> 3.4)
      thor (>= 0.14.6, < 2.0)
    rake (0.9.2.2)
    rautomation (0.7.2)
    rdoc (3.12)
      json (~> 1.4)
    redis (2.2.1)
    redis-store (1.0.0.1)
      redis (~> 2.2.1)
    request-log-analyzer (1.12.5)
    rubyzip (0.9.9)
    s4t-utils (1.0.4)
      hoe (>= 1.3.0)
    sass (3.2.1)
    sass-rails (3.2.5)
      railties (~> 3.2.0)
      sass (>= 3.1.10)
      tilt (~> 1.3)
    selenium-webdriver (2.25.0)
      childprocess (>= 0.2.5)
      libwebsocket (~> 0.1.3)
      multi_json (~> 1.0)
      rubyzip
    sprockets (2.1.3)
      hike (~> 1.2)
      rack (~> 1.0)
      tilt (~> 1.1, != 1.3.0)
    subexec (0.2.2)
    thin (1.5.0)
      daemons (>= 1.0.9)
      eventmachine (>= 0.12.6)
      rack (>= 1.0.0)
    thor (0.16.0)
    tilt (1.3.3)
    treetop (1.4.11)
      polyglot
      polyglot (>= 0.3.1)
    tzinfo (0.3.33)
    uglifier (1.0.4)
      execjs (>= 0.3.0)
      multi_json (>= 1.0.2)
    unf (0.0.5)
      unf_ext
    unf_ext (0.0.5-x86-mingw32)
    user-choices (1.1.6.1)
      builder (>= 2.1.2)
      s4t-utils (>= 1.0.3)
      xml-simple (>= 1.0.11)
    watir (4.0.1-x86-mingw32)
      commonwatir (~> 4)
      watir-classic (~> 3.2)
      watir-webdriver
    watir-classic (3.2.0)
      ffi (~> 1.0)
      nokogiri
      rautomation (~> 0.7.2)
      user-choices
      win32-process (>= 0.5.5)
      win32screenshot
      windows-pr (>= 0.6.6)
      yajl-ruby
    watir-webdriver (0.6.1)
      selenium-webdriver (>= 2.18.0)
    webrobots (0.0.13)
    will_paginate (3.0.3)
    win32-api (1.4.8-x86-mingw32)
    win32-process (0.7.0)
      ffi (>= 1.0.0)
    win32screenshot (1.0.3)
      ffi (~> 1)
      mini_magick (~> 3.2)
      rautomation (~> 0.5)
    windows-api (0.4.2)
      win32-api (>= 1.4.5)
    windows-pr (1.2.2)
      win32-api (>= 1.4.5)
      windows-api (>= 0.3.0)
    xml-simple (1.1.2)
    yajl-ruby (1.1.0-x86-mingw32)

PLATFORMS
  x86-mingw32

DEPENDENCIES
  bson (~> 1.5.2)
  bson_ext
  builder (= 3.0.0)
  carrierwave
  carrierwave-mongoid
  closure-compiler
  coffee-rails
  ffi (= 1.0.9)
  foreverb
  geocoder
  gmaps4rails
  mechanize
  mongo
  mongoid
  mongoid_spacial (~> 0.2.16)
  rails (= 3.2.8)
  rails_kindeditor
  railties (~> 3.2.8)
  redis (= 2.2.1)
  redis-store (~> 1.0.0.rc1)
  request-log-analyzer
  sass-rails
  thin
  uglifier (~> 1.0.4)
  watir
  webrobots (~> 0.0.10)
  will_paginate (~> 3.0.3)
